GIT
  remote: https://github.com/joeldrapper/green_dots.git
  revision: 776745d38c9523e403b445eeef8b374ffb130f8b
  specs:
    green_dots (0.1.0)
      concurrent-ruby
      zeitwerk

PATH
  remote: .
  specs:
    literal (0.1.0)

GEM
  remote: https://rubygems.org/
  specs:
    ast (2.4.2)
    benchmark-ips (2.11.0)
    concurrent-ruby (1.2.2)
    json (2.6.3)
    parallel (1.23.0)
    parser (3.2.2.1)
      ast (~> 2.4.1)
    rainbow (3.1.1)
    regexp_parser (2.8.0)
    rexml (3.2.5)
    rubocop (1.50.2)
      json (~> 2.3)
      parallel (~> 1.10)
      parser (>= 3.2.0.0)
      rainbow (>= 2.2.2, < 4.0)
      regexp_parser (>= 1.8, < 3.0)
      rexml (>= 3.2.5, < 4.0)
      rubocop-ast (>= 1.28.0, < 2.0)
      ruby-progressbar (~> 1.7)
      unicode-display_width (>= 2.4.0, < 3.0)
    rubocop-ast (1.28.0)
      parser (>= 3.2.1.0)
    ruby-progressbar (1.13.0)
    unicode-display_width (2.4.2)
    zeitwerk (2.6.8)

PLATFORMS
  arm64-darwin-22

DEPENDENCIES
  benchmark-ips
  green_dots!
  literal!
  rubocop
  zeitwerk

BUNDLED WITH
   2.4.12
